GEM
  remote: https://rubygems.org/
  specs:
    concurrent-ruby (1.2.2)
    csv (3.2.6)
    httparty (0.21.0)
      mini_mime (>= 1.0.0)
      multi_xml (>= 0.5.2)
    mini_mime (1.1.2)
    multi_xml (0.6.0)
    tzinfo (2.0.6)
      concurrent-ruby (~> 1.0)

PLATFORMS
  x86_64-linux

DEPENDENCIES
  csv
  httparty
  tzinfo

BUNDLED WITH
   2.4.3
